GIT
  remote: git://github.com/datadog/omnibus-ruby.git
  revision: d0484b0515507a79327badf1a474d00d6a3d9f37
  branch: datadog-5.5.0
  specs:
    omnibus (5.5.0)
      aws-sdk (~> 2)
      chef-sugar (~> 3.3)
      cleanroom (~> 1.0)
      ffi-yajl (~> 2.2)
      httparty
      license_scout
      mixlib-shellout (~> 2.0)
      mixlib-versioning
      ohai (~> 8.0)
      ruby-progressbar (~> 1.7)
      thor (~> 0.18)

GIT
  remote: git://github.com/datadog/omnibus-software.git
  revision: f632d8a18b883e0166becfd1435eccb1e3f5a54c
  branch: master
  specs:
    omnibus-software (4.0.0)

GEM
  remote: https://rubygems.org/
  specs:
    addressable (2.5.1)
      public_suffix (~> 2.0, >= 2.0.2)
    awesome_print (1.8.0)
    aws-sdk (2.10.15)
      aws-sdk-resources (= 2.10.15)
    aws-sdk-core (2.10.15)
      aws-sigv4 (~> 1.0)
      jmespath (~> 1.0)
    aws-sdk-resources (2.10.15)
      aws-sdk-core (= 2.10.15)
    aws-sigv4 (1.0.1)
    chef-config (13.2.20)
      addressable
      fuzzyurl
      mixlib-config (~> 2.0)
      mixlib-shellout (~> 2.0)
    chef-sugar (3.5.0)
    cleanroom (1.0.0)
    ffi (1.9.18)
    ffi-yajl (2.3.1)
      libyajl2 (~> 1.2)
    fuzzyurl (0.9.0)
    httparty (0.15.6)
      multi_xml (>= 0.5.2)
    iostruct (0.0.4)
    ipaddress (0.8.3)
    jmespath (1.3.1)
    libyajl2 (1.2.0)
    license_scout (0.1.3)
      ffi-yajl (~> 2.2)
      mixlib-shellout (~> 2.2)
    mixlib-cli (1.7.0)
    mixlib-config (2.2.4)
    mixlib-log (1.7.1)
    mixlib-shellout (2.3.2)
    mixlib-versioning (1.1.0)
    multi_xml (0.6.0)
    multipart-post (2.0.0)
    ohai (8.24.1)
      chef-config (>= 12.5.0.alpha.1, < 14)
      ffi (~> 1.9)
      ffi-yajl (~> 2.2)
      ipaddress
      mixlib-cli
      mixlib-config (~> 2.0)
      mixlib-log (>= 1.7.1, < 2.0)
      mixlib-shellout (~> 2.0)
      plist (~> 3.1)
      systemu (~> 2.6.4)
      wmi-lite (~> 1.0)
    pedump (0.5.2)
      awesome_print
      iostruct (>= 0.0.4)
      multipart-post (~> 2.0.0)
      progressbar
      zhexdump (>= 0.0.2)
    plist (3.3.0)
    progressbar (1.8.2)
    public_suffix (2.0.5)
    rake (11.3.0)
    ruby-progressbar (1.8.1)
    systemu (2.6.5)
    thor (0.19.4)
    win32-process (0.8.3)
      ffi (>= 1.0.0)
    wmi-lite (1.0.0)
    zhexdump (0.0.2)

PLATFORMS
  ruby

DEPENDENCIES
  httparty
  ohai
  omnibus!
  omnibus-software!
  pedump (~> 0.5.0)
  rake (~> 11.0)
  win32-process

BUNDLED WITH
   1.15.3
